GEM
  remote: http://rubygems.org/
  specs:
    actionmailer (2.3.14)
      actionpack (= 2.3.14)
    actionpack (2.3.14)
      activesupport (= 2.3.14)
      rack (~> 1.1.0)
    activerecord (2.3.14)
      activesupport (= 2.3.14)
    activeresource (2.3.14)
      activesupport (= 2.3.14)
    activesupport (2.3.14)
    authlogic (2.1.3)
      activesupport
    aws-s3-instructure (0.6.2.1319643167)
      builder
      mime-types
      xml-simple
    barista (1.2.1)
      coffee-script (~> 2.2)
    bcrypt-ruby (3.0.1)
    bluecloth (2.0.10)
    builder (2.1.2)
    childprocess (0.2.8)
      ffi (~> 1.0.6)
    chunky_png (1.2.5)
    closure-compiler (1.0.0)
    coffee-script (2.2.0)
      coffee-script-source
      execjs
    coffee-script-source (1.1.2)
    columnize (0.3.6)
    compass (0.11.5)
      chunky_png (~> 1.2)
      fssm (>= 0.2.7)
      sass (~> 3.1)
    daemons (1.1.0)
    diff-lcs (1.1.2)
    erubis (2.7.0)
    execjs (1.2.13)
      multi_json (~> 1.0)
    fastercsv (1.5.3)
    ffi (1.0.11)
    fssm (0.2.8.1)
    guard (0.10.0)
      ffi (>= 0.5.0)
      thor (~> 0.14.6)
    guard-coffeescript (0.5.4)
      coffee-script (>= 2.2.0)
      guard (>= 0.8.3)
    hairtrigger (0.1.12)
      activerecord (>= 2.3.0)
      activerecord (>= 2.3.0)
      ruby2ruby (= 1.2.5)
      ruby_parser (= 2.0.6)
    haml (3.1.2)
    hashery (1.3.0)
    highline (1.6.1)
    hpricot (0.8.2)
    httpclient (2.2.4)
    i18n (0.6.0)
    icalendar (1.1.5)
    jammit (0.6.0)
      closure-compiler (>= 0.1.0)
      yui-compressor (>= 0.9.1)
    json (1.5.2)
    libxml-ruby (1.1.3)
    linecache (0.46)
      rbx-require-relative (> 0.0.4)
    macaddr (1.0.0)
    mail (2.3.0)
      i18n (>= 0.4.0)
      mime-types (~> 1.16)
      treetop (~> 1.4.8)
    maildir (2.0.0)
    mailman (0.4.0)
      activesupport (>= 2.3.4)
      fssm (>= 0.1.4)
      i18n (>= 0.4.1)
      mail (>= 2.0.3)
      maildir (>= 0.5.0)
    metaclass (0.0.1)
    mime-types (1.16)
    mini_magick (1.3.2)
      subexec (~> 0.0.4)
    mocha (0.10.0)
      metaclass (~> 0.0.1)
    multi_json (1.0.4)
    mysql (2.8.1)
    netaddr (1.5.0)
    nokogiri (1.4.1)
    oauth (0.4.5)
    parallel (0.5.11)
    parallel_tests (0.6.11)
      parallel
    pg (0.10.1)
    polyglot (0.3.3)
    rack (1.1.3)
    rack-test (0.6.1)
      rack (>= 1.0)
    rails (2.3.14)
      actionmailer (= 2.3.14)
      actionpack (= 2.3.14)
      activerecord (= 2.3.14)
      activeresource (= 2.3.14)
      activesupport (= 2.3.14)
      rake (>= 0.8.3)
    rake (0.9.2.2)
    ratom-instructure (0.6.9)
      libxml-ruby (>= 1.1.2)
    rbx-require-relative (0.0.5)
    rcov (0.9.9)
    rdiscount (1.6.8)
    recaptcha (0.3.1)
    redis (2.2.2)
    redis-store (1.0.0.rc1)
      redis (~> 2.2.0)
    require_relative (1.0.1)
    ritex (1.0.1)
    rscribd (1.2.0)
      mime-types
    rspec (1.3.2)
    rspec-instafail (0.1.9)
    rspec-rails (1.3.4)
      rack (>= 1.0.0)
      rspec (~> 1.3.1)
    ruby-debug (0.10.4)
      columnize (>= 0.1)
      ruby-debug-base (~> 0.10.4.0)
    ruby-debug-base (0.10.4)
      linecache (>= 0.3)
    ruby-net-ldap (0.0.4)
    ruby-saml-mod (0.1.4)
    ruby2ruby (1.2.5)
      ruby_parser (~> 2.0)
      sexp_processor (~> 3.0)
    ruby_parser (2.0.6)
      sexp_processor (~> 3.0)
    rubycas-client (2.2.1)
      activesupport
    rubyzip (0.9.4)
    rufus-scheduler (2.0.6)
    sanitize (1.2.1)
      nokogiri (~> 1.4.1)
    sass (3.1.12)
    selenium-webdriver (2.14.0)
      childprocess (>= 0.2.1)
      ffi (~> 1.0.9)
      multi_json (~> 1.0.4)
      rubyzip
    sexp_processor (3.0.5)
    soap4r (1.5.8)
      httpclient (>= 2.1.1)
    soap4r-middleware (0.8.2)
      soap4r (~> 1.5)
    sqlite3-ruby (1.3.2)
    subexec (0.0.4)
    thor (0.14.6)
    treetop (1.4.10)
      polyglot
      polyglot (>= 0.3.1)
    uuid (2.3.2)
      macaddr (~> 1.0)
    webrat (0.7.3)
      nokogiri (>= 1.2.0)
      rack (>= 1.0)
      rack-test (>= 0.5.3)
    will_paginate (2.3.15)
    xml-simple (1.0.12)
    ya2yaml (0.30)
    yard (0.7.2)
    yui-compressor (0.9.4)

PLATFORMS
  ruby

DEPENDENCIES
  authlogic (= 2.1.3)
  aws-s3-instructure (~> 0.6.2.1319643167)
  barista (= 1.2.1)
  bcrypt-ruby (= 3.0.1)
  bluecloth (= 2.0.10)
  builder (= 2.1.2)
  closure-compiler (= 1.0.0)
  coffee-script (= 2.2.0)
  coffee-script-source (= 1.1.2)
  compass (= 0.11.5)
  daemons (= 1.1.0)
  diff-lcs (= 1.1.2)
  erubis (= 2.7.0)
  fastercsv (= 1.5.3)
  guard
  guard-coffeescript
  hairtrigger (= 0.1.12)
  haml (= 3.1.2)
  hashery (= 1.3.0)
  highline (= 1.6.1)
  hpricot (= 0.8.2)
  i18n (= 0.6.0)
  icalendar (= 1.1.5)
  jammit (= 0.6.0)
  json (= 1.5.2)
  libxml-ruby (= 1.1.3)
  macaddr (= 1.0.0)
  mailman (= 0.4.0)
  mime-types (= 1.16)
  mini_magick (= 1.3.2)
  mocha (= 0.10.0)
  mysql (= 2.8.1)
  netaddr (= 1.5.0)
  nokogiri (= 1.4.1)
  oauth (= 0.4.5)
  parallel_tests (= 0.6.11)
  pg (= 0.10.1)
  rack (~> 1.1.2)
  rails (= 2.3.14)
  rake (< 0.10)
  ratom-instructure (= 0.6.9)
  rcov (= 0.9.9)
  rdiscount (= 1.6.8)
  recaptcha (= 0.3.1)
  redis-store (= 1.0.0.rc1)
  require_relative (= 1.0.1)
  ritex (= 1.0.1)
  rscribd (= 1.2.0)
  rspec (= 1.3.2)
  rspec-instafail (= 0.1.9)
  rspec-rails (= 1.3.4)
  ruby-debug (= 0.10.4)
  ruby-net-ldap (= 0.0.4)
  ruby-saml-mod (= 0.1.4)
  ruby_parser (= 2.0.6)
  rubycas-client (= 2.2.1)
  rubyzip (= 0.9.4)
  rufus-scheduler (= 2.0.6)
  sanitize (= 1.2.1)
  selenium-webdriver (= 2.14.0)
  sexp_processor (= 3.0.5)
  soap4r (= 1.5.8)
  soap4r-middleware (= 0.8.2)
  sqlite3-ruby (= 1.3.2)
  uuid (= 2.3.2)
  webrat (= 0.7.3)
  will_paginate (= 2.3.15)
  xml-simple (= 1.0.12)
  ya2yaml (= 0.30)
  yard (= 0.7.2)
  yui-compressor (= 0.9.4)
